GEM
  remote: https://rubygems.org/
  specs:
<<<<<<< HEAD
=======
<<<<<<< HEAD
    Ascii85 (1.0.2)
=======
>>>>>>> 944351417c0a50ada669e7ad2b71f68ee9a8e330
>>>>>>> ce47d27f118116f3604da0c01d1bfe7ece40dc5a
    actionmailer (3.2.12)
      actionpack (= 3.2.12)
      mail (~> 2.4.4)
    actionpack (3.2.12)
      activemodel (= 3.2.12)
      activesupport (= 3.2.12)
      builder (~> 3.0.0)
      erubis (~> 2.7.0)
      journey (~> 1.0.4)
      rack (~> 1.4.5)
      rack-cache (~> 1.2)
      rack-test (~> 0.6.1)
      sprockets (~> 2.2.1)
    activemodel (3.2.12)
      activesupport (= 3.2.12)
      builder (~> 3.0.0)
    activerecord (3.2.12)
      activemodel (= 3.2.12)
      activesupport (= 3.2.12)
      arel (~> 3.0.2)
      tzinfo (~> 0.3.29)
    activeresource (3.2.12)
      activemodel (= 3.2.12)
      activesupport (= 3.2.12)
    activesupport (3.2.12)
      i18n (~> 0.6)
      multi_json (~> 1.0)
<<<<<<< HEAD
    arel (3.0.2)
    builder (3.0.4)
=======
<<<<<<< HEAD
    afm (0.2.0)
    arel (3.0.2)
    bootstrap (0.0.1)
    builder (3.0.4)
    climate_control (0.0.3)
      activesupport (>= 3.0)
    cocaine (0.5.1)
      climate_control (>= 0.0.3, < 1.0)
=======
    arel (3.0.2)
    bootstrap (0.0.1)
    builder (3.0.4)
>>>>>>> 944351417c0a50ada669e7ad2b71f68ee9a8e330
>>>>>>> ce47d27f118116f3604da0c01d1bfe7ece40dc5a
    coffee-rails (3.2.2)
      coffee-script (>= 2.2.0)
      railties (~> 3.2.0)
    coffee-script (2.2.0)
      coffee-script-source
      execjs
    coffee-script-source (1.6.2)
<<<<<<< HEAD
=======
<<<<<<< HEAD
>>>>>>> ce47d27f118116f3604da0c01d1bfe7ece40dc5a
    commonjs (0.2.6)
    erubis (2.7.0)
    execjs (1.4.0)
      multi_json (~> 1.0)
<<<<<<< HEAD
=======
    hashery (2.1.0)
=======
    erubis (2.7.0)
    execjs (1.4.0)
      multi_json (~> 1.0)
>>>>>>> 944351417c0a50ada669e7ad2b71f68ee9a8e330
>>>>>>> ce47d27f118116f3604da0c01d1bfe7ece40dc5a
    hike (1.2.2)
    i18n (0.6.4)
    journey (1.0.4)
    jquery-rails (2.2.1)
      railties (>= 3.0, < 5.0)
      thor (>= 0.14, < 2.0)
    json (1.7.7)
<<<<<<< HEAD
=======
<<<<<<< HEAD
>>>>>>> ce47d27f118116f3604da0c01d1bfe7ece40dc5a
    less (2.3.1)
      commonjs (~> 0.2.6)
    less-rails (2.3.2)
      actionpack (>= 3.1)
      less (~> 2.3.1)
<<<<<<< HEAD
=======
=======
>>>>>>> 944351417c0a50ada669e7ad2b71f68ee9a8e330
>>>>>>> ce47d27f118116f3604da0c01d1bfe7ece40dc5a
    libv8 (3.11.8.17)
    mail (2.4.4)
      i18n (>= 0.4.0)
      mime-types (~> 1.16)
      treetop (~> 1.4.8)
    mime-types (1.23)
    multi_json (1.7.2)
<<<<<<< HEAD
    pg (0.15.1)
    polyglot (0.3.3)
=======
<<<<<<< HEAD
    paperclip (3.4.1)
      activemodel (>= 3.0.0)
      activerecord (>= 3.0.0)
      activesupport (>= 3.0.0)
      cocaine (~> 0.5.0)
      mime-types
    pdf-reader (1.3.3)
      Ascii85 (~> 1.0.0)
      afm (~> 0.2.0)
      hashery (~> 2.0)
      ruby-rc4
      ttfunk
    pg (0.15.1)
    polyglot (0.3.3)
    prawn (0.12.0)
      pdf-reader (>= 0.9.0)
      ttfunk (~> 1.0.2)
=======
    pg (0.15.1)
    polyglot (0.3.3)
>>>>>>> 944351417c0a50ada669e7ad2b71f68ee9a8e330
>>>>>>> ce47d27f118116f3604da0c01d1bfe7ece40dc5a
    rack (1.4.5)
    rack-cache (1.2)
      rack (>= 0.4)
    rack-ssl (1.3.3)
      rack
    rack-test (0.6.2)
      rack (>= 1.0)
    rails (3.2.12)
      actionmailer (= 3.2.12)
      actionpack (= 3.2.12)
      activerecord (= 3.2.12)
      activeresource (= 3.2.12)
      activesupport (= 3.2.12)
      bundler (~> 1.0)
      railties (= 3.2.12)
    railties (3.2.12)
      actionpack (= 3.2.12)
      activesupport (= 3.2.12)
      rack-ssl (~> 1.3.2)
      rake (>= 0.8.7)
      rdoc (~> 3.4)
      thor (>= 0.14.6, < 2.0)
    rake (10.0.4)
    rdoc (3.12.2)
      json (~> 1.4)
    ref (1.0.4)
<<<<<<< HEAD
=======
<<<<<<< HEAD
    ruby-rc4 (0.1.5)
=======
>>>>>>> 944351417c0a50ada669e7ad2b71f68ee9a8e330
>>>>>>> ce47d27f118116f3604da0c01d1bfe7ece40dc5a
    sass (3.2.8)
    sass-rails (3.2.6)
      railties (~> 3.2.0)
      sass (>= 3.1.10)
      tilt (~> 1.3)
    simple_form (2.1.0)
      actionpack (~> 3.0)
      activemodel (~> 3.0)
    sprockets (2.2.2)
      hike (~> 1.2)
      multi_json (~> 1.0)
      rack (~> 1.0)
      tilt (~> 1.1, != 1.3.0)
    therubyracer (0.11.4)
      libv8 (~> 3.11.8.12)
      ref
    thor (0.18.1)
    tilt (1.3.7)
    treetop (1.4.12)
      polyglot
      polyglot (>= 0.3.1)
<<<<<<< HEAD
=======
<<<<<<< HEAD
    ttfunk (1.0.3)
=======
>>>>>>> 944351417c0a50ada669e7ad2b71f68ee9a8e330
>>>>>>> ce47d27f118116f3604da0c01d1bfe7ece40dc5a
    twitter-bootstrap-rails (2.2.6)
      actionpack (>= 3.1)
      execjs
      railties (>= 3.1)
    tzinfo (0.3.37)
    uglifier (2.0.1)
      execjs (>= 0.3.0)
      multi_json (~> 1.0, >= 1.0.2)
<<<<<<< HEAD
=======
<<<<<<< HEAD
    will_paginate (3.0.4)
=======
>>>>>>> 944351417c0a50ada669e7ad2b71f68ee9a8e330
>>>>>>> ce47d27f118116f3604da0c01d1bfe7ece40dc5a

PLATFORMS
  ruby

DEPENDENCIES
<<<<<<< HEAD
  coffee-rails (~> 3.2.1)
  jquery-rails
  less-rails
  pg
=======
  bootstrap
  coffee-rails (~> 3.2.1)
  jquery-rails
<<<<<<< HEAD
  less-rails
  paperclip
  pg
  prawn
=======
  pg
>>>>>>> 944351417c0a50ada669e7ad2b71f68ee9a8e330
>>>>>>> ce47d27f118116f3604da0c01d1bfe7ece40dc5a
  rails (= 3.2.12)
  sass-rails (~> 3.2.3)
  simple_form
  therubyracer
  twitter-bootstrap-rails
  uglifier (>= 1.0.3)
<<<<<<< HEAD
=======
<<<<<<< HEAD
  will_paginate
=======
>>>>>>> 944351417c0a50ada669e7ad2b71f68ee9a8e330
>>>>>>> ce47d27f118116f3604da0c01d1bfe7ece40dc5a
